GIT
  remote: https://github.com/epolish/rubygarage.git
  revision: 117303895c5ddd80d77edcae20ec90209f84119c
  branch: codebreaker
  specs:
    codebreaker (0.1.0)

GEM
  remote: https://rubygems.org/
  specs:
    diff-lcs (1.3)
    rack (2.0.3)
    rspec (3.7.0)
      rspec-core (~> 3.7.0)
      rspec-expectations (~> 3.7.0)
      rspec-mocks (~> 3.7.0)
    rspec-core (3.7.1)
      rspec-support (~> 3.7.0)
    rspec-expectations (3.7.0)
      diff-lcs (>= 1.2.0, < 2.0)
      rspec-support (~> 3.7.0)
    rspec-mocks (3.7.0)
      diff-lcs (>= 1.2.0, < 2.0)
      rspec-support (~> 3.7.0)
    rspec-support (3.7.0)

PLATFORMS
  x86-mingw32

DEPENDENCIES
  codebreaker!
  rack
  rspec

BUNDLED WITH
   1.15.1
